GEM
  remote: https://rubygems.org/
  specs:
    awesome_print (1.8.0)
    backports (3.15.0)
    benchmark-ips (2.7.2)
    concurrent-ruby (1.1.5)
    dotenv (2.7.5)
    equatable (0.6.1)
    execjs (2.7.0)
    ffi (1.11.1)
    hirb (0.7.3)
    json (2.3.0)
    memory_profiler (0.9.14)
    method_profiler (2.0.1)
      hirb (>= 0.6.0)
    multi_json (1.13.1)
    mustermann (1.0.3)
    necromancer (0.5.0)
    nio4r (2.5.1)
    pastel (0.7.3)
      equatable (~> 0.6)
      tty-color (~> 0.5)
    puma (4.1.0)
      nio4r (~> 2.0)
    rack (2.0.7)
    rack-protection (2.0.7)
      rack
    rake (12.3.3)
    rb-fsevent (0.10.3)
    rb-inotify (0.10.0)
      ffi (~> 1.0)
    rdoc (6.2.0)
    sass (3.7.4)
      sass-listen (~> 4.0.0)
    sass-listen (4.0.0)
      rb-fsevent (~> 0.9, >= 0.9.4)
      rb-inotify (~> 0.9, >= 0.9.7)
    sinatra (2.0.7)
      mustermann (~> 1.0)
      rack (~> 2.0)
      rack-protection (= 2.0.7)
      tilt (~> 2.0)
    sinatra-contrib (2.0.7)
      backports (>= 2.8.2)
      multi_json
      mustermann (~> 1.0)
      rack-protection (= 2.0.7)
      sinatra (= 2.0.7)
      tilt (~> 2.0)
    sprockets (3.7.2)
      concurrent-ruby (~> 1.0)
      rack (> 1, < 3)
    sprockets-helpers (1.2.1)
      sprockets (>= 2.2)
    strings (0.1.6)
      strings-ansi (~> 0.1)
      unicode-display_width (~> 1.5)
      unicode_utils (~> 1.4)
    strings-ansi (0.1.0)
    tilt (2.0.9)
    tty-color (0.5.0)
    tty-cursor (0.7.0)
    tty-progressbar (0.17.0)
      strings-ansi (~> 0.1.0)
      tty-cursor (~> 0.7)
      tty-screen (~> 0.7)
      unicode-display_width (~> 1.6)
    tty-prompt (0.19.0)
      necromancer (~> 0.5.0)
      pastel (~> 0.7.0)
      tty-reader (~> 0.6.0)
    tty-reader (0.6.0)
      tty-cursor (~> 0.7)
      tty-screen (~> 0.7)
      wisper (~> 2.0.0)
    tty-screen (0.7.0)
    tty-spinner (0.9.1)
      tty-cursor (~> 0.7)
    tty-table (0.11.0)
      equatable (~> 0.6)
      necromancer (~> 0.5)
      pastel (~> 0.7.2)
      strings (~> 0.1.5)
      tty-screen (~> 0.7)
    uglifier (4.1.20)
      execjs (>= 0.3.0, < 3)
    unicode-display_width (1.6.0)
    unicode_utils (1.4.0)
    whirly (0.2.6)
      unicode-display_width (~> 1.1)
    wisper (2.0.0)
    yui-compressor (0.12.0)

PLATFORMS
  ruby

DEPENDENCIES
  awesome_print (= 1.8.0)
  benchmark-ips (= 2.7.2)
  dotenv (= 2.7.5)
  json (= 2.3.0)
  memory_profiler (= 0.9.14)
  method_profiler (= 2.0.1)
  puma (= 4.1.0)
  rake (= 12.3.3)
  rdoc (= 6.2.0)
  sass (= 3.7.4)
  sinatra (= 2.0.7)
  sinatra-contrib (= 2.0.7)
  sprockets (= 3.7.2)
  sprockets-helpers (= 1.2.1)
  tty-color (= 0.5.0)
  tty-progressbar (= 0.17.0)
  tty-prompt (= 0.19.0)
  tty-spinner (= 0.9.1)
  tty-table (= 0.11.0)
  uglifier (= 4.1.20)
  whirly (= 0.2.6)
  yui-compressor (= 0.12.0)

RUBY VERSION
   ruby 2.5.5p157

BUNDLED WITH
   1.16.6
